STORAGE: NONE
RESTRICTION: == net8.0
NUGET
  remote: https://api.nuget.org/v3/index.json
    FSharp.Core (8.0.200)
    FsToolkit.ErrorHandling (4.15.2)
      FSharp.Core (>= 7.0.300)
    Giraffe (6.4)
      FSharp.Core (>= 6.0)
      Giraffe.ViewEngine (>= 1.4)
      Microsoft.IO.RecyclableMemoryStream (>= 3.0)
      Newtonsoft.Json (>= 13.0.3)
      System.Text.Json (>= 8.0.3)
    Giraffe.ViewEngine (1.4)
      FSharp.Core (>= 5.0)
    Microsoft.IO.RecyclableMemoryStream (3.0)
    Newtonsoft.Json (13.0.3)
    System.Text.Encodings.Web (8.0)
    System.Text.Json (8.0.3)
      System.Text.Encodings.Web (>= 8.0)
